PATH
  remote: .
  specs:
    scenarios (0.0.1)
      sequel
      sinatra
      sinatra-contrib

GEM
  remote: https://rubygems.org/
  specs:
    backports (3.6.0)
    coderay (1.1.0)
    diff-lcs (1.2.5)
    json_spec (1.1.1)
      multi_json (~> 1.0)
      rspec (~> 2.0)
    method_source (0.8.2)
    multi_json (1.8.4)
    pry (0.9.12.6)
      coderay (~> 1.0)
      method_source (~> 0.8)
      slop (~> 3.4)
    pry-nav (0.2.3)
      pry (~> 0.9.10)
    pry-remote (0.1.8)
      pry (~> 0.9)
      slop (~> 3.0)
    rack (1.5.2)
    rack-protection (1.5.2)
      rack
    rack-test (0.6.2)
      rack (>= 1.0)
    rake (10.1.1)
    rspec (2.14.1)
      rspec-core (~> 2.14.0)
      rspec-expectations (~> 2.14.0)
      rspec-mocks (~> 2.14.0)
    rspec-core (2.14.7)
    rspec-expectations (2.14.5)
      diff-lcs (>= 1.1.3, < 2.0)
    rspec-mocks (2.14.5)
    sequel (4.7.0)
    sinatra (1.4.4)
      rack (~> 1.4)
      rack-protection (~> 1.4)
      tilt (~> 1.3, >= 1.3.4)
    sinatra-contrib (1.4.2)
      backports (>= 2.0)
      multi_json
      rack-protection
      rack-test
      sinatra (~> 1.4.0)
      tilt (~> 1.3)
    slop (3.4.7)
    sqlite3 (1.3.8)
    tilt (1.4.1)

PLATFORMS
  ruby

DEPENDENCIES
  bundler (~> 1.5)
  json_spec
  pry
  pry-nav
  pry-remote
  rack-test
  rake
  rspec
  scenarios!
  sequel
  sqlite3
